GIT
  remote: git@github.com:bbc-test/code_cache.git
  revision: 6f73971b4d17c2b6b0ecc3949479ebf5d37d2b7d
  specs:
    code_cache (0.1.2)

GIT
  remote: git@github.com:bbc-test/hive-messages.git
  revision: e6752de0c875b6284a4e2f6667e54143e5085528
  tag: 0.2.8
  specs:
    hive-messages (0.2.8)
      activemodel
      activesupport
      mimemagic
      multipart-post
      roar (= 0.2.1.bbc)
      version
      virtus

GIT
  remote: https://github.com/bbc-test/roar.git
  revision: 3b1d7ccb515ebb5ee80be307c28f262ae766dc73
  branch: 0.2-x.bbc
  specs:
    roar (0.2.1.bbc)
      activesupport
      representable (>= 1.6.0, < 2.0.0)

GIT
  remote: https://github.com/jrmhaig/daemons.git
  revision: cee17be908b893d0c84dae9046175cb79d44fc1d
  specs:
    daemons (1.1.10)

GEM
  remote: https://rubygems.org/
  specs:
    activemodel (4.2.0)
      activesupport (= 4.2.0)
      builder (~> 3.1)
    activesupport (4.2.0)
      i18n (~> 0.7)
      json (~> 1.7, >= 1.7.7)
      minitest (~> 5.1)
      thread_safe (~> 0.3, >= 0.3.4)
      tzinfo (~> 1.1)
    ast (2.0.0)
    astrolabe (1.3.0)
      parser (>= 2.2.0.pre.3, < 3.0)
    axiom-types (0.1.1)
      descendants_tracker (~> 0.0.4)
      ice_nine (~> 0.11.0)
      thread_safe (~> 0.3, >= 0.3.1)
    builder (3.2.2)
    chamber (2.7.1)
      hashie (~> 3.3)
      thor (~> 0.19.1)
    coercible (1.0.0)
      descendants_tracker (~> 0.0.1)
    cucumber (1.3.18)
      builder (>= 2.1.2)
      diff-lcs (>= 1.1.3)
      gherkin (~> 2.12)
      multi_json (>= 1.7.5, < 2.0)
      multi_test (>= 0.1.1)
    descendants_tracker (0.0.4)
      thread_safe (~> 0.3, >= 0.3.1)
    diff-lcs (1.2.5)
    docile (1.1.5)
    equalizer (0.0.9)
    gherkin (2.12.2)
      multi_json (~> 1.3)
    hashie (3.4.0)
    i18n (0.7.0)
    ice_nine (0.11.1)
    json (1.8.2)
    mimemagic (0.2.1)
    mini_portile (0.6.2)
    minitest (5.5.1)
    multi_json (1.10.1)
    multi_test (0.1.1)
    multipart-post (2.0.0)
    nokogiri (1.6.6.2)
      mini_portile (~> 0.6.0)
    parser (2.2.0.2)
      ast (>= 1.1, < 3.0)
    powerpack (0.1.0)
    rainbow (2.0.0)
    representable (1.8.5)
      multi_json
      nokogiri
      uber
    rspec (3.2.0)
      rspec-core (~> 3.2.0)
      rspec-expectations (~> 3.2.0)
      rspec-mocks (~> 3.2.0)
    rspec-core (3.2.0)
      rspec-support (~> 3.2.0)
    rspec-expectations (3.2.0)
      diff-lcs (>= 1.2.0, < 2.0)
      rspec-support (~> 3.2.0)
    rspec-mocks (3.2.0)
      diff-lcs (>= 1.2.0, < 2.0)
      rspec-support (~> 3.2.0)
    rspec-support (3.2.1)
    rubocop (0.29.0)
      astrolabe (~> 1.3)
      parser (>= 2.2.0.1, < 3.0)
      powerpack (~> 0.1)
      rainbow (>= 1.99.1, < 3.0)
      ruby-progressbar (~> 1.4)
    ruby-progressbar (1.7.1)
    simplecov (0.9.1)
      docile (~> 1.1.0)
      multi_json (~> 1.0)
      simplecov-html (~> 0.8.0)
    simplecov-html (0.8.0)
    thor (0.19.1)
    thread_safe (0.3.4)
    tzinfo (1.2.2)
      thread_safe (~> 0.1)
    uber (0.0.13)
    version (1.0.0)
    virtus (1.0.4)
      axiom-types (~> 0.1)
      coercible (~> 1.0)
      descendants_tracker (~> 0.0, >= 0.0.3)
      equalizer (~> 0.0, >= 0.0.9)

PLATFORMS
  ruby

DEPENDENCIES
  chamber
  code_cache!
  cucumber
  daemons!
  hive-messages!
  roar!
  rspec
  rubocop
  simplecov
