PATH
  remote: .
  specs:
    hive-runner (2.0.11)
      activerecord (~> 4.2)
      chamber (~> 2.7)
      code_cache (~> 0.2)
      daemons (~> 1.2)
      devicedb_comms (~> 0.1)
      hive-messages (~> 1.0.3)
      macaddr (~> 1.7)
      mind_meld (~> 0.1.0)
      mono_logger (~> 1.1)
      res (~> 1.0)
      sys-uname (~> 1.0)
      terminal-table (~> 1.4)

GEM
  remote: https://rubygems.org/
  specs:
    activemodel (4.2.5.1)
      activesupport (= 4.2.5.1)
      builder (~> 3.1)
    activerecord (4.2.5.1)
      activemodel (= 4.2.5.1)
      activesupport (= 4.2.5.1)
      arel (~> 6.0)
    activesupport (4.2.5.1)
      i18n (~> 0.7)
      json (~> 1.7, >= 1.7.7)
      minitest (~> 5.1)
      thread_safe (~> 0.3, >= 0.3.4)
      tzinfo (~> 1.1)
    addressable (2.3.8)
    arel (6.0.3)
    ast (2.1.0)
    astrolabe (1.3.1)
      parser (~> 2.2)
    axiom-types (0.1.1)
      descendants_tracker (~> 0.0.4)
      ice_nine (~> 0.11.0)
      thread_safe (~> 0.3, >= 0.3.1)
    builder (3.2.2)
    chamber (2.8.0)
      hashie (~> 3.3)
      thor (~> 0.19.1)
    code_cache (0.2.0)
    coercible (1.0.0)
      descendants_tracker (~> 0.0.1)
    crack (0.4.2)
      safe_yaml (~> 1.0.0)
    daemons (1.2.3)
    descendants_tracker (0.0.4)
      thread_safe (~> 0.3, >= 0.3.1)
    devicedb_comms (0.1.1)
      activesupport (>= 4.0, < 4.3)
      virtus (~> 1.0)
    diff-lcs (1.2.5)
    docile (1.1.5)
    equalizer (0.0.11)
    ffi (1.9.10)
    hashie (3.4.3)
    hive-messages (1.0.4)
      activemodel (>= 4.0, < 4.3)
      activesupport (>= 4.0, < 4.3)
      mimemagic (~> 0.3)
      multi_json (~> 1.11)
      multipart-post (~> 2.0)
      roar (~> 1.0)
      virtus (~> 1.0)
    i18n (0.7.0)
    ice_nine (0.11.2)
    json (1.8.3)
    macaddr (1.7.1)
      systemu (~> 2.6.2)
    mimemagic (0.3.1)
    mind_meld (0.1.1)
      activesupport (~> 4)
    minitest (5.8.4)
    mono_logger (1.1.0)
    multi_json (1.11.2)
    multipart-post (2.0.0)
    ox (2.2.4)
    parser (2.2.2.6)
      ast (>= 1.1, < 3.0)
    powerpack (0.1.1)
    rainbow (2.0.0)
    representable (2.3.0)
      uber (~> 0.0.7)
    res (1.2.2)
      hive-messages (~> 1)
      json (~> 1.8)
      ox (~> 2.2)
      test_rail-api (~> 0.4)
    roar (1.0.4)
      representable (>= 2.0.1, < 2.4.0)
    rspec (3.3.0)
      rspec-core (~> 3.3.0)
      rspec-expectations (~> 3.3.0)
      rspec-mocks (~> 3.3.0)
    rspec-core (3.3.2)
      rspec-support (~> 3.3.0)
    rspec-expectations (3.3.1)
      diff-lcs (>= 1.2.0, < 2.0)
      rspec-support (~> 3.3.0)
    rspec-mocks (3.3.2)
      diff-lcs (>= 1.2.0, < 2.0)
      rspec-support (~> 3.3.0)
    rspec-support (3.3.0)
    rubocop (0.34.2)
      astrolabe (~> 1.3)
      parser (>= 2.2.2.5, < 3.0)
      powerpack (~> 0.1)
      rainbow (>= 1.99.1, < 3.0)
      ruby-progressbar (~> 1.4)
    ruby-progressbar (1.7.5)
    safe_yaml (1.0.4)
    simplecov (0.10.0)
      docile (~> 1.1.0)
      json (~> 1.8)
      simplecov-html (~> 0.10.0)
    simplecov-html (0.10.0)
    sys-uname (1.0.2)
      ffi (>= 1.0.0)
    systemu (2.6.5)
    terminal-table (1.5.2)
    test_rail-api (0.4.0)
      json (~> 1.0)
      virtus (~> 1.0)
    thor (0.19.1)
    thread_safe (0.3.5)
    tzinfo (1.2.2)
      thread_safe (~> 0.1)
    uber (0.0.15)
    virtus (1.0.5)
      axiom-types (~> 0.1)
      coercible (~> 1.0)
      descendants_tracker (~> 0.0, >= 0.0.3)
      equalizer (~> 0.0, >= 0.0.9)
    webmock (1.21.0)
      addressable (>= 2.3.6)
      crack (>= 0.3.2)

PLATFORMS
  ruby

DEPENDENCIES
  hive-runner!
  rspec (~> 3.3)
  rubocop (~> 0.34)
  simplecov (~> 0.10)
  webmock (~> 1.21)

BUNDLED WITH
   1.10.6
